PATH
  remote: .
  specs:
    fairlop (0.0.1)
      georgedrummond_sinatra_helpers
      haml
      koala
      sass
      sinatra (= 1.3.1)
      sinatra-dalli

GEM
  remote: http://rubygems.org/
  specs:
    dalli (2.2.1)
    faraday (0.8.4)
      multipart-post (~> 1.1)
    georgedrummond_sinatra_helpers (0.0.8)
    haml (3.1.7)
    koala (1.5.0)
      faraday (~> 0.7)
      multi_json (~> 1.3)
    multi_json (1.3.6)
    multipart-post (1.1.5)
    rack (1.4.1)
    rack-protection (1.2.0)
      rack
    sass (3.2.1)
    sinatra (1.3.1)
      rack (~> 1.3, >= 1.3.4)
      rack-protection (~> 1.1, >= 1.1.2)
      tilt (~> 1.3, >= 1.3.3)
    sinatra-dalli (0.1.0)
      dalli
      sinatra
    tilt (1.3.3)

PLATFORMS
  ruby

DEPENDENCIES
  fairlop!
